GEM
  remote: https://rubygems.org/
  specs:
    awesome_print (1.8.0)
    aws-eventstream (1.1.0)
    aws-partitions (1.410.0)
    aws-sdk-core (3.110.0)
      aws-eventstream (~> 1, >= 1.0.2)
      aws-partitions (~> 1, >= 1.239.0)
      aws-sigv4 (~> 1.1)
      jmespath (~> 1.0)
    aws-sdk-kms (1.40.0)
      aws-sdk-core (~> 3, >= 3.109.0)
      aws-sigv4 (~> 1.1)
    aws-sdk-s3 (1.86.2)
      aws-sdk-core (~> 3, >= 3.109.0)
      aws-sdk-kms (~> 1.26)
      aws-sigv4 (~> 1.1)
    aws-sigv4 (1.2.2)
      aws-eventstream (~> 1, >= 1.0.2)
    coderay (1.1.3)
    ffi (1.14.2)
    jmespath (1.4.0)
    method_source (1.0.0)
    parslet (1.8.2)
    power_assert (1.2.0)
    pry (0.13.1)
      coderay (~> 1.1)
      method_source (~> 1.0)
    ruby-vips (2.0.17)
      ffi (~> 1.9)
    test-unit (3.3.7)
      power_assert
    toml (0.2.0)
      parslet (~> 1.8.0)

PLATFORMS
  ruby

DEPENDENCIES
  awesome_print
  aws-sdk-s3
  pry
  ruby-vips
  test-unit
  toml

BUNDLED WITH
   2.2.4
